GEM
  remote: https://rubygems.org/
  specs:
    activesupport (3.2.13)
      i18n (= 0.6.1)
      multi_json (~> 1.0)
    ansi (1.4.3)
    builder (3.2.0)
    i18n (0.6.1)
    multi_json (1.7.3)
    plist (3.1.0)
    rake (10.0.4)
    turn (0.9.6)
      ansi

PLATFORMS
  ruby

DEPENDENCIES
  activesupport
  builder
  plist
  rake
  turn
