PATH
  remote: .
  specs:
    ruby-xcdm (0.0.7)
      activesupport (>= 3.2, < 8.0)
      builder (~> 3.2)
      plist (~> 3.1)

GEM
  remote: https://rubygems.org/
  specs:
    activesupport (7.0.4.2)
      concurrent-ruby (~> 1.0, >= 1.0.2)
      i18n (>= 1.6, < 2)
      minitest (>= 5.1)
      tzinfo (~> 2.0)
    ansi (1.4.3)
    builder (3.2.0)
    concurrent-ruby (1.2.0)
    i18n (1.12.0)
      concurrent-ruby (~> 1.0)
    minitest (5.17.0)
    plist (3.1.0)
    rake (10.0.4)
    turn (0.9.6)
      ansi
    tzinfo (2.0.6)
      concurrent-ruby (~> 1.0)

PLATFORMS
  ruby

DEPENDENCIES
  activesupport
  builder
  plist
  rake
  ruby-xcdm!
  turn
